GEM
  remote: https://rubygems.org/
  specs:
    rainbow (2.0.0)
    sass (3.3.4)
    scss-lint (0.22.0)
      rainbow (~> 2.0)
      sass (~> 3.3.0)

PLATFORMS
  ruby

DEPENDENCIES
  scss-lint
