GEM
  remote: https://rubygems.org/
  specs:
    hologram (1.1.0)
      pygments.rb (~> 0.4)
      redcarpet (~> 2.2)
    posix-spawn (0.3.8)
    pygments.rb (0.5.4)
      posix-spawn (~> 0.3.6)
      yajl-ruby (~> 1.1.0)
    rainbow (2.0.0)
    redcarpet (2.3.0)
    sass (3.3.7)
    scss-lint (0.24.1)
      rainbow (~> 2.0)
      sass (~> 3.3.0)
    yajl-ruby (1.1.0)

PLATFORMS
  ruby

DEPENDENCIES
  hologram
  scss-lint
